PATH
  remote: .
  specs:
    zconv (0.1.0)
      rubyzip (~> 2.3.0)

GEM
  remote: https://rubygems.org/
  specs:
    byebug (10.0.2)
    coderay (1.1.2)
    diff-lcs (1.3)
    method_source (0.9.2)
    pry (0.11.3)
      coderay (~> 1.1.0)
      method_source (~> 0.9.0)
    pry-byebug (3.6.0)
      byebug (~> 10.0)
      pry (~> 0.10)
    pry-doc (0.13.5)
      pry (~> 0.11)
      yard (~> 0.9.11)
    rake (12.3.3)
    rspec (3.9.0)
      rspec-core (~> 3.9.0)
      rspec-expectations (~> 3.9.0)
      rspec-mocks (~> 3.9.0)
    rspec-core (3.9.1)
      rspec-support (~> 3.9.1)
    rspec-expectations (3.9.1)
      diff-lcs (>= 1.2.0, < 2.0)
      rspec-support (~> 3.9.0)
    rspec-mocks (3.9.1)
      diff-lcs (>= 1.2.0, < 2.0)
      rspec-support (~> 3.9.0)
    rspec-support (3.9.2)
    rubyzip (2.3.0)
    yard (0.9.24)

PLATFORMS
  ruby

DEPENDENCIES
  bundler (~> 2.1.2)
  pry (~> 0.11.3)
  pry-byebug (~> 3.6.0)
  pry-doc (~> 0.13.4)
  rake (~> 12.0)
  rspec (~> 3.0)
  zconv!

BUNDLED WITH
   2.1.2
